GEM
  remote: https://rubygems.org/
  specs:
    Ascii85 (1.0.2)
    actionmailer (4.0.0)
      actionpack (= 4.0.0)
      mail (~> 2.5.3)
    actionpack (4.0.0)
      activesupport (= 4.0.0)
      builder (~> 3.1.0)
      erubis (~> 2.7.0)
      rack (~> 1.5.2)
      rack-test (~> 0.6.2)
    activemodel (4.0.0)
      activesupport (= 4.0.0)
      builder (~> 3.1.0)
    activerecord (4.0.0)
      activemodel (= 4.0.0)
      activerecord-deprecated_finders (~> 1.0.2)
      activesupport (= 4.0.0)
      arel (~> 4.0.0)
    activerecord-deprecated_finders (1.0.3)
    activesupport (4.0.0)
      i18n (~> 0.6, >= 0.6.4)
      minitest (~> 4.2)
      multi_json (~> 1.3)
      thread_safe (~> 0.1)
      tzinfo (~> 0.3.37)
    acts-as-taggable-on (2.4.1)
      rails (>= 3, < 5)
    arel (4.0.0)
    atomic (1.1.13)
    bcrypt-ruby (3.1.2)
    bootstrap-sass (2.3.1.3)
      sass (~> 3.2)
    bson (1.9.2)
    builder (3.1.4)
    carrierwave (0.9.0)
      activemodel (>= 3.2.0)
      activesupport (>= 3.2.0)
      json (>= 1.7)
    carrierwave-mongoid (0.1.0)
      carrierwave
      mongoid
    coffee-rails (4.0.0)
      coffee-script (>= 2.2.0)
      railties (>= 4.0.0.beta, < 5.0)
    coffee-script (2.2.0)
      coffee-script-source
      execjs
    coffee-script-source (1.6.3)
    columnize (0.3.6)
    debugger (1.6.1)
      columnize (>= 0.3.1)
      debugger-linecache (~> 1.2.0)
      debugger-ruby_core_source (~> 1.2.3)
    debugger-linecache (1.2.0)
    debugger-ruby_core_source (1.2.3)
    devise (3.1.0)
      bcrypt-ruby (~> 3.0)
      orm_adapter (~> 0.1)
      railties (>= 3.2.6, < 5)
      thread_safe (~> 0.1)
      warden (~> 1.2.3)
    durran-validatable (2.0.1)
    em-websocket (0.5.0)
      eventmachine (>= 0.12.9)
      http_parser.rb (~> 0.5.3)
    emoticon_fontify (1.0.2)
    erubis (2.7.0)
    eventmachine (1.0.3)
    eventmachine_httpserver (0.2.1)
    execjs (2.0.1)
    faraday (0.8.8)
      multipart-post (~> 1.2.0)
    font-awesome-rails (4.0.0.0)
      railties (>= 3.2, < 5.0)
    font-awesome-sass (3.2.1.4)
      sass-rails (>= 3.1.1)
    haml (4.0.3)
      tilt
    hashie (2.0.5)
    hike (1.2.3)
    http_parser.rb (0.5.3)
    httparty (0.12.0)
      json (~> 1.8)
      multi_xml (>= 0.5.2)
    httpauth (0.2.0)
    i18n (0.6.5)
    jbuilder (1.5.1)
      activesupport (>= 3.0.0)
      multi_json (>= 1.2.0)
    jquery-rails (3.0.4)
      railties (>= 3.0, < 5.0)
      thor (>= 0.14, < 2.0)
    jquery-tokeninput-rails (1.6.0)
    jquery-turbolinks (2.0.1)
      railties (>= 3.1.0)
      turbolinks
    jquery-ui-rails (4.0.5)
      railties (>= 3.1.0)
    jquery-wookmark-rails (0.0.1)
    json (1.8.0)
    jwt (0.1.8)
      multi_json (>= 1.5)
    leshill-will_paginate (2.3.11)
    magnific-popup-rails (0.9.7)
    mail (2.5.4)
      mime-types (~> 1.16)
      treetop (~> 1.4.8)
    mime-types (1.25)
    mini_magick (3.6.0)
      subexec (~> 0.2.1)
    mini_portile (0.5.1)
    minitest (4.7.5)
    mongo (1.9.2)
      bson (~> 1.9.2)
    mongoid (1.0.6)
      activesupport (>= 2.2.2)
      durran-validatable (>= 2.0.1)
      leshill-will_paginate (>= 2.3.11)
      mongo (>= 0.18.2)
    multi_json (1.7.9)
    multi_xml (0.5.5)
    multipart-post (1.2.0)
    nokogiri (1.6.0)
      mini_portile (~> 0.5.0)
    oauth2 (0.8.1)
      faraday (~> 0.8)
      httpauth (~> 0.1)
      jwt (~> 0.1.4)
      multi_json (~> 1.0)
      rack (~> 1.2)
    omniauth (1.1.4)
      hashie (>= 1.2, < 3)
      rack
    omniauth-facebook (1.4.1)
      omniauth-oauth2 (~> 1.1.0)
    omniauth-oauth2 (1.1.1)
      oauth2 (~> 0.8.0)
      omniauth (~> 1.0)
    orm_adapter (0.4.0)
    pdf-reader (0.10.1)
      Ascii85 (~> 1.0.0)
    pg (0.16.0)
    polyglot (0.3.3)
    prawn (0.12.0)
      pdf-reader (>= 0.9.0)
      ttfunk (~> 1.0.2)
    rack (1.5.2)
    rack-test (0.6.2)
      rack (>= 1.0)
    rails (4.0.0)
      actionmailer (= 4.0.0)
      actionpack (= 4.0.0)
      activerecord (= 4.0.0)
      activesupport (= 4.0.0)
      bundler (>= 1.3.0, < 2.0)
      railties (= 4.0.0)
      sprockets-rails (~> 2.0.0)
    railties (4.0.0)
      actionpack (= 4.0.0)
      activesupport (= 4.0.0)
      rake (>= 0.8.7)
      thor (>= 0.18.1, < 2.0)
    rake (10.1.0)
    rb-readline (0.4.2)
    rdoc (3.12.2)
      json (~> 1.4)
    redactor-rails (0.4.1)
      devise
      mime-types
      orm_adapter
    rest-client (1.6.7)
      mime-types (>= 1.16)
    sass (3.2.10)
    sass-rails (4.0.0)
      railties (>= 4.0.0.beta, < 5.0)
      sass (>= 3.1.10)
      sprockets-rails (~> 2.0.0)
    sdoc (0.3.20)
      json (>= 1.1.3)
      rdoc (~> 3.10)
    sprockets (2.10.0)
      hike (~> 1.2)
      multi_json (~> 1.0)
      rack (~> 1.0)
      tilt (~> 1.1, != 1.3.0)
    sprockets-rails (2.0.0)
      actionpack (>= 3.0)
      activesupport (>= 3.0)
      sprockets (~> 2.8)
    subexec (0.2.3)
    the_role (2.0.4)
      haml
    thor (0.18.1)
    thread_safe (0.1.2)
      atomic
    tilt (1.4.1)
    treetop (1.4.15)
      polyglot
      polyglot (>= 0.3.1)
    ttfunk (1.0.3)
    turbolinks (1.3.0)
      coffee-rails
    tzinfo (0.3.37)
    uglifier (2.2.1)
      execjs (>= 0.3.0)
      multi_json (~> 1.0, >= 1.0.2)
    warden (1.2.3)
      rack (>= 1.0)
    will_paginate (3.0.5)

PLATFORMS
  ruby

DEPENDENCIES
  acts-as-taggable-on
  bootstrap-sass
  carrierwave
  carrierwave-mongoid
  coffee-rails (~> 4.0.0)
  debugger
  devise
  em-websocket
  emoticon_fontify
  eventmachine
  eventmachine_httpserver
  font-awesome-rails
  font-awesome-sass
  httparty
  jbuilder (~> 1.2)
  jquery-rails
  jquery-tokeninput-rails
  jquery-turbolinks
  jquery-ui-rails
  jquery-wookmark-rails
  json
  magnific-popup-rails
  mini_magick
  nokogiri
  oauth2
  omniauth
  omniauth-facebook
  pdf-reader (~> 0.10.0)
  pg
  prawn (~> 0.12.0)
  rails (= 4.0.0)
  rb-readline (~> 0.4.2)
  redactor-rails
  rest-client (~> 1.6.7)
  sass-rails (~> 4.0.0)
  sdoc
  the_role (~> 2.0.0)
  turbolinks
  uglifier (>= 1.3.0)
  will_paginate
